GEM
  remote: https://rubygems.org/
  specs:
    coderay (1.0.9)
    method_source (0.9.0)
    pp (0.1.1)
    pry (0.9.10)
      coderay (~> 1.0.5)
      method_source (~> 0.8)
      slop (~> 3.3.1)
    pry-nav (0.2.4)
      pry (>= 0.9.10, < 0.11.0)
    pry-remote (0.1.8)
      pry (~> 0.9)
      slop (~> 3.0)
    slop (3.3.3)

PLATFORMS
  ruby

DEPENDENCIES
  pp
  pry (= 0.9.10)
  pry-nav
  pry-remote

BUNDLED WITH
   1.16.1
